GEM
  remote: https://rubygems.org/
  specs:
    breasal (0.0.1)
    builder (3.2.2)
    haml (4.0.7)
      tilt
    httparty (0.16.2)
      multi_xml (>= 0.5.2)
    load_path (0.2.1)
    mini_portile2 (2.0.0)
    minitest (5.9.0)
    multi_xml (0.6.0)
    nokogiri (1.6.7.2)
      mini_portile2 (~> 2.0.0.rc2)
    rack (1.6.4)
    rack-protection (1.5.3)
      rack
    ruby_kml (0.1.7)
      builder
      nokogiri
    shotgun (0.9.1)
      rack (>= 1.0)
    sinatra (1.4.7)
      rack (~> 1.5)
      rack-protection (~> 1.4)
      tilt (>= 1.3, < 3)
    tilt (2.0.4)

PLATFORMS
  ruby

DEPENDENCIES
  breasal
  haml
  httparty
  load_path
  minitest
  ruby_kml
  shotgun
  sinatra

BUNDLED WITH
   1.16.1
